GEM
  remote: https://rubygems.org/
  specs:
    byebug (11.1.3)
    coderay (1.1.3)
    dotenv (2.7.6)
    faraday (2.2.0)
      faraday-net_http (~> 2.0)
      ruby2_keywords (>= 0.0.4)
    faraday-net_http (2.0.1)
    method_source (1.0.0)
    pry (0.13.1)
      coderay (~> 1.1)
      method_source (~> 1.0)
    pry-byebug (3.9.0)
      byebug (~> 11.0)
      pry (~> 0.13.0)
    ruby2_keywords (0.0.5)

PLATFORMS
  x86_64-darwin-20

DEPENDENCIES
  dotenv
  faraday
  pry-byebug

RUBY VERSION
   ruby 3.1.1p18

BUNDLED WITH
   2.3.7
